GEM
  remote: http://rubygems.org/
  specs:
    builder (3.0.0)
    cucumber (1.1.9)
      builder (>= 2.1.2)
      diff-lcs (>= 1.1.2)
      gherkin (~> 2.9.0)
      json (>= 1.4.6)
      term-ansicolor (>= 1.0.6)
    diff-lcs (1.1.3)
    gherkin (2.9.1)
      json (>= 1.4.6)
    gsl (1.14.7)
      narray (>= 0.5.9)
    httparty (0.8.1)
      multi_json
      multi_xml
    json (1.6.6)
    limited_red (0.4.3)
      cucumber (>= 1.1.4)
      httparty (= 0.8.1)
    multi_json (1.2.0)
    multi_xml (0.4.2)
    narray (0.6.0.1)
    rspec (2.9.0)
      rspec-core (~> 2.9.0)
      rspec-expectations (~> 2.9.0)
      rspec-mocks (~> 2.9.0)
    rspec-core (2.9.0)
    rspec-expectations (2.9.0)
      diff-lcs (~> 1.1.3)
    rspec-mocks (2.9.0)
    stemmer (1.0.1)
    term-ansicolor (1.0.7)

PLATFORMS
  ruby

DEPENDENCIES
  gsl
  limited_red
  rspec
  stemmer
