GEM
  remote: http://rubygems.org/
  specs:
    diff-lcs (1.1.3)
    gsl (1.14.7)
      narray (>= 0.5.9)
    narray (0.6.0.1)
    rspec (2.9.0)
      rspec-core (~> 2.9.0)
      rspec-expectations (~> 2.9.0)
      rspec-mocks (~> 2.9.0)
    rspec-core (2.9.0)
    rspec-expectations (2.9.0)
      diff-lcs (~> 1.1.3)
    rspec-mocks (2.9.0)
    stemmer (1.0.1)

PLATFORMS
  ruby

DEPENDENCIES
  gsl
  rspec
  stemmer
